PATH
  remote: .
  specs:
    google-weather (0.2.0)
      httparty (= 0.5.2)

GEM
  remote: http://rubygems.org/
  specs:
    crack (0.1.6)
    fakeweb (1.3.0)
    httparty (0.5.2)
      crack (= 0.1.6)
    jnunemaker-matchy (0.4.0)
    rake (0.9.2)
    shoulda (2.11.3)

PLATFORMS
  ruby

DEPENDENCIES
  fakeweb
  google-weather!
  jnunemaker-matchy
  rake
  shoulda
